NUGET
  remote: https://www.nuget.org/api/v2
    FAKE (4.41.6)
    FsCheck (2.6.2)
      FSharp.Core (>= 3.1.2.5)
    FsCheck.Xunit (2.6.2)
      FsCheck (>= 2.6.2)
      xunit.extensibility.execution (>= 2.1 < 3.0)
    FSharp.Core (4.0.0.1)
    Microsoft.NETCore.Platforms (1.0.1) - framework: dnxcore50
    Microsoft.NETCore.Targets (1.0.1) - framework: dnxcore50
    System.Collections (4.0.11) - framework: dnxcore50
      Microsoft.NETCore.Platforms (>= 1.0.1) - framework: dnxcore50
      Microsoft.NETCore.Targets (>= 1.0.1) - framework: dnxcore50
      System.Runtime (>= 4.1) - framework: dnxcore50
    System.Diagnostics.Contracts (4.0.1) - framework: dnxcore50
      System.Runtime (>= 4.1) - framework: dnxcore50
    System.Diagnostics.Debug (4.0.11) - framework: dnxcore50
      Microsoft.NETCore.Platforms (>= 1.0.1) - framework: dnxcore50
      Microsoft.NETCore.Targets (>= 1.0.1) - framework: dnxcore50
      System.Runtime (>= 4.1) - framework: dnxcore50
    System.Globalization (4.0.11) - framework: dnxcore50
      Microsoft.NETCore.Platforms (>= 1.0.1) - framework: dnxcore50
      Microsoft.NETCore.Targets (>= 1.0.1) - framework: dnxcore50
      System.Runtime (>= 4.1) - framework: dnxcore50
    System.IO (4.1) - framework: dnxcore50
      Microsoft.NETCore.Platforms (>= 1.0.1) - framework: dnxcore50
      Microsoft.NETCore.Targets (>= 1.0.1) - framework: dnxcore50
      System.Runtime (>= 4.1) - framework: dnxcore50
      System.Text.Encoding (>= 4.0.11) - framework: dnxcore50
      System.Threading.Tasks (>= 4.0.11) - framework: dnxcore50
    System.Linq (4.1) - framework: dnxcore50
      System.Collections (>= 4.0.11) - framework: dnxcore50
      System.Diagnostics.Debug (>= 4.0.11) - framework: dnxcore50
      System.Resources.ResourceManager (>= 4.0.1) - framework: dnxcore50
      System.Runtime (>= 4.1) - framework: dnxcore50
      System.Runtime.Extensions (>= 4.1) - framework: dnxcore50
    System.Linq.Expressions (4.1) - framework: dnxcore50
      System.Collections (>= 4.0.11) - framework: dnxcore50
      System.Diagnostics.Debug (>= 4.0.11) - framework: dnxcore50
      System.Globalization (>= 4.0.11) - framework: dnxcore50
      System.IO (>= 4.1) - framework: dnxcore50
      System.Linq (>= 4.1) - framework: dnxcore50
      System.Reflection (>= 4.1) - framework: dnxcore50
      System.Reflection.Emit.ILGeneration (>= 4.0.1) - framework: dnxcore50
      System.Reflection.Emit.Lightweight (>= 4.0.1) - framework: dnxcore50
      System.Reflection.Extensions (>= 4.0.1) - framework: dnxcore50
      System.Reflection.Primitives (>= 4.0.1) - framework: dnxcore50
      System.Reflection.TypeExtensions (>= 4.1) - framework: dnxcore50
      System.Resources.ResourceManager (>= 4.0.1) - framework: dnxcore50
      System.Runtime (>= 4.1) - framework: dnxcore50
      System.Runtime.Extensions (>= 4.1) - framework: dnxcore50
      System.Threading (>= 4.0.11) - framework: dnxcore50
    System.Reflection (4.1) - framework: dnxcore50
      Microsoft.NETCore.Platforms (>= 1.0.1) - framework: dnxcore50
      Microsoft.NETCore.Targets (>= 1.0.1) - framework: dnxcore50
      System.IO (>= 4.1) - framework: dnxcore50
      System.Reflection.Primitives (>= 4.0.1) - framework: dnxcore50
      System.Runtime (>= 4.1) - framework: dnxcore50
    System.Reflection.Emit.ILGeneration (4.0.1) - framework: dnxcore50
    System.Reflection.Emit.Lightweight (4.0.1) - framework: dnxcore50
    System.Reflection.Extensions (4.0.1) - framework: dnxcore50
      Microsoft.NETCore.Platforms (>= 1.0.1) - framework: dnxcore50
      Microsoft.NETCore.Targets (>= 1.0.1) - framework: dnxcore50
      System.Reflection (>= 4.1) - framework: dnxcore50
      System.Runtime (>= 4.1) - framework: dnxcore50
    System.Reflection.Primitives (4.0.1) - framework: dnxcore50
      Microsoft.NETCore.Platforms (>= 1.0.1) - framework: dnxcore50
      Microsoft.NETCore.Targets (>= 1.0.1) - framework: dnxcore50
      System.Runtime (>= 4.1) - framework: dnxcore50
    System.Reflection.TypeExtensions (4.1) - framework: dnxcore50
      System.Diagnostics.Contracts (>= 4.0.1) - framework: dnxcore50
      System.Diagnostics.Debug (>= 4.0.11) - framework: dnxcore50
      System.Linq (>= 4.1) - framework: dnxcore50
      System.Reflection (>= 4.1) - framework: dnxcore50
      System.Reflection.Primitives (>= 4.0.1) - framework: dnxcore50
      System.Resources.ResourceManager (>= 4.0.1) - framework: dnxcore50
      System.Runtime (>= 4.1) - framework: dnxcore50
      System.Runtime.Extensions (>= 4.1) - framework: dnxcore50
    System.Resources.ResourceManager (4.0.1) - framework: dnxcore50
      Microsoft.NETCore.Platforms (>= 1.0.1) - framework: dnxcore50
      Microsoft.NETCore.Targets (>= 1.0.1) - framework: dnxcore50
      System.Globalization (>= 4.0.11) - framework: dnxcore50
      System.Reflection (>= 4.1) - framework: dnxcore50
      System.Runtime (>= 4.1) - framework: dnxcore50
    System.Runtime (4.1) - framework: dnxcore50
      Microsoft.NETCore.Platforms (>= 1.0.1) - framework: dnxcore50
      Microsoft.NETCore.Targets (>= 1.0.1) - framework: dnxcore50
    System.Runtime.Extensions (4.1) - framework: dnxcore50
      Microsoft.NETCore.Platforms (>= 1.0.1) - framework: dnxcore50
      Microsoft.NETCore.Targets (>= 1.0.1) - framework: dnxcore50
      System.Runtime (>= 4.1) - framework: dnxcore50
    System.Text.Encoding (4.0.11) - framework: dnxcore50
      Microsoft.NETCore.Platforms (>= 1.0.1) - framework: dnxcore50
      Microsoft.NETCore.Targets (>= 1.0.1) - framework: dnxcore50
      System.Runtime (>= 4.1) - framework: dnxcore50
    System.Threading (4.0.11) - framework: dnxcore50
      System.Runtime (>= 4.1) - framework: dnxcore50
      System.Threading.Tasks (>= 4.0.11) - framework: dnxcore50
    System.Threading.Tasks (4.0.11) - framework: dnxcore50
      Microsoft.NETCore.Platforms (>= 1.0.1) - framework: dnxcore50
      Microsoft.NETCore.Targets (>= 1.0.1) - framework: dnxcore50
      System.Runtime (>= 4.1) - framework: dnxcore50
    Unquote (3.1.2)
    xunit.abstractions (2.0) - framework: >= net45, dnx451, dnxcore50, monoandroid, monotouch, xamarinios, winv4.5, wpv8.1, wpv8.0
    xunit.extensibility.core (2.1) - framework: >= net45, dnx451, dnxcore50, monoandroid, monotouch, xamarinios, winv4.5, wpv8.1, wpv8.0
      xunit.abstractions (2.0)
    xunit.extensibility.execution (2.1)
      System.Collections (>= 4.0) - framework: dnxcore50
      System.Diagnostics.Debug (>= 4.0) - framework: dnxcore50
      System.Globalization (>= 4.0) - framework: dnxcore50
      System.IO (>= 4.0) - framework: dnxcore50
      System.Linq (>= 4.0) - framework: dnxcore50
      System.Linq.Expressions (>= 4.0) - framework: dnxcore50
      System.Reflection (>= 4.0) - framework: dnxcore50
      System.Reflection.Extensions (>= 4.0) - framework: dnxcore50
      System.Runtime (>= 4.0) - framework: dnxcore50
      System.Runtime.Extensions (>= 4.0) - framework: dnxcore50
      System.Text.Encoding (>= 4.0) - framework: dnxcore50
      System.Threading (>= 4.0) - framework: dnxcore50
      System.Threading.Tasks (>= 4.0) - framework: dnxcore50
      xunit.abstractions (>= 2.0) - framework: dnxcore50
      xunit.extensibility.core (2.1) - framework: >= net45, dnx451, dnxcore50, monoandroid, monotouch, xamarinios, winv4.5, wpv8.0, wpv8.1
    xunit.runner.console (2.1)
